GEM
  remote: https://rubygems.org/
  specs:
    will_paginate (3.1.6)

PLATFORMS
  ruby

DEPENDENCIES
  will_paginate

BUNDLED WITH
   1.16.1
